PATH
  remote: .
  specs:
    shoppe (0.0.21)
      bcrypt-ruby (~> 3.1.2)
      coffee-rails (~> 4.0.0)
      dynamic_form (~> 1.1.4)
      haml (~> 4.0.3)
      jquery-rails (~> 3.0.4)
      kaminari (>= 0.14.1, < 0.16)
      nifty-attachments (~> 1.0.0)
      nifty-dialog (~> 1.0.0)
      nifty-key-value-store (~> 1.0.0)
      nifty-utils (~> 1.0.0)
      rails (~> 4.0.1)
      ransack (~> 1.0.0)
      sass-rails (~> 4.0.0)
      uglifier (>= 2.2.0)

GEM
  remote: https://rubygems.org/
  specs:
    actionmailer (4.0.13)
      actionpack (= 4.0.13)
      mail (~> 2.5, >= 2.5.4)
    actionpack (4.0.13)
      activesupport (= 4.0.13)
      builder (~> 3.1.0)
      erubis (~> 2.7.0)
      rack (~> 1.5.2)
      rack-test (~> 0.6.2)
    activemodel (4.0.13)
      activesupport (= 4.0.13)
      builder (~> 3.1.0)
    activerecord (4.0.13)
      activemodel (= 4.0.13)
      activerecord-deprecated_finders (~> 1.0.2)
      activesupport (= 4.0.13)
      arel (~> 4.0.0)
    activerecord-deprecated_finders (1.0.4)
    activesupport (4.0.13)
      i18n (~> 0.6, >= 0.6.9)
      minitest (~> 4.2)
      multi_json (~> 1.3)
      thread_safe (~> 0.1)
      tzinfo (~> 0.3.37)
    arel (4.0.2)
    bcrypt (3.1.18)
    bcrypt-ruby (3.1.5)
      bcrypt (>= 3.1.3)
    builder (3.1.4)
    coffee-rails (4.0.1)
      coffee-script (>= 2.2.0)
      railties (>= 4.0.0, < 5.0)
    coffee-script (2.4.1)
      coffee-script-source
      execjs
    coffee-script-source (1.12.2)
    concurrent-ruby (1.2.0)
    date (3.3.3)
    dynamic_form (1.1.4)
    erubis (2.7.0)
    execjs (2.8.1)
    factory_girl (4.3.0)
      activesupport (>= 3.0.0)
    factory_girl_rails (4.3.0)
      factory_girl (~> 4.3.0)
      railties (>= 3.0.0)
    haml (4.0.7)
      tilt
    hike (1.2.3)
    i18n (0.9.5)
      concurrent-ruby (~> 1.0)
    jquery-rails (3.0.4)
      railties (>= 3.0, < 5.0)
      thor (>= 0.14, < 2.0)
    kaminari (0.15.1)
      actionpack (>= 3.0.0)
      activesupport (>= 3.0.0)
    kramdown (1.2.0)
    logutils (0.6.0)
    mail (2.8.1)
      mini_mime (>= 0.1.1)
      net-imap
      net-pop
      net-smtp
    markdown (1.1.1)
      kramdown (>= 1.0.2)
      props (>= 1.0.0)
      textutils (>= 0.6.4)
    mini_mime (1.1.2)
    minitest (4.7.5)
    multi_json (1.15.0)
    mysql2 (0.3.13)
    net-imap (0.3.4)
      date
      net-protocol
    net-pop (0.1.2)
      net-protocol
    net-protocol (0.2.1)
      timeout
    net-smtp (0.3.3)
      net-protocol
    nifty-attachments (1.0.4)
    nifty-dialog (1.0.7)
    nifty-key-value-store (1.0.2)
    nifty-utils (1.0.9)
    polyamorous (0.6.4)
      activerecord (>= 3.0)
    props (1.0.2)
    rack (1.5.5)
    rack-test (0.6.3)
      rack (>= 1.0)
    rails (4.0.13)
      actionmailer (= 4.0.13)
      actionpack (= 4.0.13)
      activerecord (= 4.0.13)
      activesupport (= 4.0.13)
      bundler (>= 1.3.0, < 2.0)
      railties (= 4.0.13)
      sprockets-rails (~> 2.0)
    railties (4.0.13)
      actionpack (= 4.0.13)
      activesupport (= 4.0.13)
      rake (>= 0.8.7)
      thor (>= 0.18.1, < 2.0)
    rake (13.0.6)
    ransack (1.0.0)
      actionpack (>= 3.0)
      activerecord (>= 3.0)
      polyamorous (~> 0.6.0)
    sass (3.2.19)
    sass-rails (4.0.5)
      railties (>= 4.0.0, < 5.0)
      sass (~> 3.2.2)
      sprockets (~> 2.8, < 3.0)
      sprockets-rails (~> 2.0)
    sprockets (2.12.5)
      hike (~> 1.2)
      multi_json (~> 1.0)
      rack (~> 1.0)
      tilt (~> 1.1, != 1.3.0)
    sprockets-rails (2.3.3)
      actionpack (>= 3.0)
      activesupport (>= 3.0)
      sprockets (>= 2.8, < 4.0)
    sqlite3 (1.3.8)
    textutils (0.7.0)
      logutils (~> 0.5)
    thor (1.2.1)
    thread_safe (0.3.6)
    tilt (1.4.1)
    timeout (0.3.1)
    tzinfo (0.3.61)
    uglifier (4.2.0)
      execjs (>= 0.3.0, < 3)
    yard (0.8.7.2)
    yard-activerecord (0.0.11)
      yard (>= 0.8.3)

PLATFORMS
  ruby

DEPENDENCIES
  factory_girl_rails (~> 4.0)
  markdown
  mysql2
  shoppe!
  sqlite3
  yard
  yard-activerecord
